GEM
  remote: https://rubygems.org/
  specs:
    ares_cz (0.3.2)
      crack (>= 0.1.4)
    crack (0.4.1)
      safe_yaml (~> 0.9.0)
    daemons (1.1.9)
    eventmachine (1.0.3)
    rack (1.5.2)
    rack-protection (1.5.1)
      rack
    safe_yaml (0.9.7)
    shotgun (0.9)
      rack (>= 1.0)
    sinatra (1.4.4)
      rack (~> 1.4)
      rack-protection (~> 1.4)
      tilt (~> 1.3, >= 1.3.4)
    thin (1.6.1)
      daemons (>= 1.0.9)
      eventmachine (>= 1.0.0)
      rack (>= 1.0.0)
    tilt (1.4.1)
    yajl-ruby (1.1.0)

PLATFORMS
  ruby

DEPENDENCIES
  ares_cz
  shotgun
  sinatra
  thin
  yajl-ruby
